PATH
  remote: .
  specs:
    stackprof-webnav (1.0.4)
      better_errors (~> 1.1.0)
      haml (~> 6.0)
      rackup (>= 1.0.0, < 3.0.0)
      ruby-graphviz (~> 1.2.4)
      sinatra (~> 4.1.0)
      sinatra-contrib (~> 4.1.0)
      stackprof (>= 0.2.13)
      webrick (~> 1.7)

GEM
  remote: https://rubygems.org/
  specs:
    base64 (0.3.0)
    better_errors (1.1.0)
      coderay (>= 1.0.0)
      erubis (>= 2.6.6)
    coderay (1.1.3)
    diff-lcs (1.6.2)
    erubis (2.7.0)
    haml (6.3.0)
      temple (>= 0.8.2)
      thor
      tilt
    logger (1.7.0)
    method_source (1.1.0)
    multi_json (1.15.0)
    mustermann (3.0.3)
      ruby2_keywords (~> 0.0.1)
    pry (0.15.2)
      coderay (~> 1.1)
      method_source (~> 1.0)
    rack (3.1.16)
    rack-protection (4.1.1)
      base64 (>= 0.1.0)
      logger (>= 1.6.0)
      rack (>= 3.0.0, < 4)
    rack-session (2.1.1)
      base64 (>= 0.1.0)
      rack (>= 3.0.0)
    rack-test (2.2.0)
      rack (>= 1.3)
    rackup (2.2.1)
      rack (>= 3)
    rake (10.5.0)
    rexml (3.4.1)
    rspec (3.9.0)
      rspec-core (~> 3.9.0)
      rspec-expectations (~> 3.9.0)
      rspec-mocks (~> 3.9.0)
    rspec-core (3.9.3)
      rspec-support (~> 3.9.3)
    rspec-expectations (3.9.4)
      diff-lcs (>= 1.2.0, < 2.0)
      rspec-support (~> 3.9.0)
    rspec-mocks (3.9.1)
      diff-lcs (>= 1.2.0, < 2.0)
      rspec-support (~> 3.9.0)
    rspec-support (3.9.4)
    ruby-graphviz (1.2.5)
      rexml
    ruby2_keywords (0.0.5)
    sinatra (4.1.1)
      logger (>= 1.6.0)
      mustermann (~> 3.0)
      rack (>= 3.0.0, < 4)
      rack-protection (= 4.1.1)
      rack-session (>= 2.0.0, < 3)
      tilt (~> 2.0)
    sinatra-contrib (4.1.1)
      multi_json (>= 0.0.2)
      mustermann (~> 3.0)
      rack-protection (= 4.1.1)
      sinatra (= 4.1.1)
      tilt (~> 2.0)
    stackprof (0.2.27)
    temple (0.10.3)
    thor (1.3.2)
    tilt (2.6.0)
    webrick (1.9.1)

PLATFORMS
  arm64-darwin-23
  ruby

DEPENDENCIES
  bundler (~> 2.2)
  pry
  rack-test (>= 1.1.0, < 3.0.0)
  rake (~> 10.1)
  rspec (~> 3.9.0)
  stackprof-webnav!

BUNDLED WITH
   2.6.5
